GEM
  remote: http://rubygems.org/
  remote: https://gems.gemfury.com/vo6ZrmjBQu5szyywDszE/
  specs:
    albino (1.3.3)
      posix-spawn (>= 0.3.6)
    builder (3.0.0)
    classifier (1.3.3)
      fast-stemmer (>= 1.0.0)
    directory_watcher (1.4.1)
    fast-stemmer (1.0.0)
    jekyll (0.11.2)
      albino (~> 1.3)
      classifier (~> 1.3)
      directory_watcher (~> 1.1)
      kramdown (~> 0.13)
      liquid (~> 2.3)
      maruku (~> 0.5)
    kramdown (0.13.5)
    liquid (2.3.0)
    maruku (0.6.0)
      syntax (>= 1.0.0)
    nokogiri (1.5.2)
    null_logger (0.0.1)
    posix-spawn (0.3.6)
    rack (1.3.5)
    rack-contrib (1.1.0)
      rack (>= 0.9.1)
    rake (0.9.2)
    router-client (2.0.3)
      builder
      null_logger
    slimmer (0.8.0)
      nokogiri
    syntax (1.0.0)
    term-ansicolor (1.0.7)

PLATFORMS
  ruby

DEPENDENCIES
  jekyll
  rack (= 1.3.5)
  rack-contrib
  rake (= 0.9.2)
  router-client (= 2.0.3)
  slimmer
  term-ansicolor
